PATH
  remote: .
  specs:
    preparermd (0.2.0)
      faraday (= 0.13.1)
      jekyll (= 3.6.0)
      jekyll-assets (= 2.4.0)
      json (= 2.1.0)
      redcarpet (= 3.4.0)

GEM
  remote: https://rubygems.org/
  specs:
    addressable (2.5.2)
      public_suffix (>= 2.0.2, < 4.0)
    coderay (1.1.2)
    colorator (1.1.0)
    concurrent-ruby (1.0.5)
    extras (0.3.0)
      forwardable-extended (~> 2.5)
    faraday (0.13.1)
      multipart-post (>= 1.2, < 3)
    fastimage (2.1.0)
    ffi (1.9.18)
    forwardable-extended (2.6.0)
    hashdiff (0.3.6)
    jekyll (3.6.0)
      addressable (~> 2.4)
      colorator (~> 1.0)
      jekyll-sass-converter (~> 1.0)
      jekyll-watch (~> 1.1)
      kramdown (~> 1.14)
      liquid (~> 4.0)
      mercenary (~> 0.3.3)
      pathutil (~> 0.9)
      rouge (>= 1.7, < 3)
      safe_yaml (~> 1.0)
    jekyll-assets (2.4.0)
      concurrent-ruby (~> 1.0)
      extras (~> 0.2)
      fastimage (~> 2.0, >= 1.8)
      jekyll (~> 3.1, >= 3.0)
      pathutil (>= 0.8)
      rack (~> 1.6)
      sprockets (~> 3.3, < 3.8)
    jekyll-sass-converter (1.5.0)
      sass (~> 3.4)
    jekyll-watch (1.5.0)
      listen (~> 3.0, < 3.1)
    json (2.1.0)
    kramdown (1.15.0)
    liquid (4.0.0)
    listen (3.0.8)
      rb-fsevent (~> 0.9, >= 0.9.4)
      rb-inotify (~> 0.9, >= 0.9.7)
    mercenary (0.3.6)
    method_source (0.9.0)
    multipart-post (2.0.0)
    pathutil (0.16.0)
      forwardable-extended (~> 2.6)
    pry (0.11.1)
      coderay (~> 1.1.0)
      method_source (~> 0.9.0)
    public_suffix (3.0.0)
    rack (1.6.8)
    rake (12.1.0)
    rb-fsevent (0.10.2)
    rb-inotify (0.9.10)
      ffi (>= 0.5.0, < 2)
    redcarpet (3.4.0)
    rouge (2.2.1)
    safe_yaml (1.0.4)
    sass (3.5.2)
      sass-listen (~> 4.0.0)
    sass-listen (4.0.0)
      rb-fsevent (~> 0.9, >= 0.9.4)
      rb-inotify (~> 0.9, >= 0.9.7)
    sprockets (3.7.1)
      concurrent-ruby (~> 1.0)
      rack (> 1, < 3)
    term-ansicolor (1.6.0)
      tins (~> 1.0)
    tins (1.15.0)

PLATFORMS
  ruby

DEPENDENCIES
  bundler (~> 1.15)
  hashdiff
  preparermd!
  pry
  rake (~> 12.1)
  term-ansicolor

BUNDLED WITH
   1.15.4
